GEM
  remote: https://rubygems.org/
  specs:
    chunky_png (1.3.5)
    coderay (1.1.0)
    colorator (0.1)
    compass (1.0.3)
      chunky_png (~> 1.2)
      compass-core (~> 1.0.2)
      compass-import-once (~> 1.0.5)
      rb-fsevent (>= 0.9.3)
      rb-inotify (>= 0.9)
      sass (>= 3.3.13, < 3.5)
    compass-core (1.0.3)
      multi_json (~> 1.0)
      sass (>= 3.3.0, < 3.5)
    compass-import-once (1.0.5)
      sass (>= 3.2, < 3.5)
    domain_name (0.5.20160128)
      unf (>= 0.0.5, < 1.0.0)
    ffi (1.9.10)
    http-cookie (1.0.2)
      domain_name (~> 0.5)
    jekyll (3.1.2)
      colorator (~> 0.1)
      jekyll-sass-converter (~> 1.0)
      jekyll-watch (~> 1.1)
      kramdown (~> 1.3)
      liquid (~> 3.0)
      mercenary (~> 0.3.3)
      rouge (~> 1.7)
      safe_yaml (~> 1.0)
    jekyll-compass (2.0.1)
      compass (~> 1.0)
      jekyll (~> 3.0)
    jekyll-everypolitician (0.7.0)
      jekyll (>= 3)
    jekyll-facebook_comments (0.1.0)
      liquid (>= 3)
    jekyll-google_analytics (0.1.0)
      jekyll (>= 3)
    jekyll-remote_csv (0.1.0)
      jekyll (>= 3)
    jekyll-sass-converter (1.4.0)
      sass (~> 3.4)
    jekyll-search (0.2.0)
      jekyll (>= 3)
    jekyll-watch (1.3.1)
      listen (~> 3.0)
    kramdown (1.9.0)
    liquid (3.0.6)
    listen (3.0.6)
      rb-fsevent (>= 0.9.3)
      rb-inotify (>= 0.9.7)
    mercenary (0.3.5)
    method_source (0.8.2)
    mime-types (2.99.1)
    multi_json (1.12.1)
    netrc (0.11.0)
    pry (0.10.3)
      coderay (~> 1.1.0)
      method_source (~> 0.8.1)
      slop (~> 3.4)
    puma (2.15.3)
    rack (1.6.4)
    rack-jekyll (0.4.5)
      jekyll (>= 1.3)
      listen (>= 1.3)
      rack (~> 1.5)
    rack-protection (1.5.3)
      rack
    rb-fsevent (0.9.7)
    rb-inotify (0.9.7)
      ffi (>= 0.5.0)
    rest-client (1.8.0)
      http-cookie (>= 1.0.2, < 2.0)
      mime-types (>= 1.16, < 3.0)
      netrc (~> 0.7)
    rouge (1.10.1)
    safe_yaml (1.0.4)
    sass (3.4.21)
    sinatra (1.4.7)
      rack (~> 1.5)
      rack-protection (~> 1.4)
      tilt (>= 1.3, < 3)
    sinatra-jekyll (0.1.0)
      jekyll (>= 3, < 4)
      sinatra (>= 1, < 2)
    slop (3.6.0)
    tilt (2.0.2)
    unf (0.1.4)
      unf_ext
    unf_ext (0.0.7.2)

PLATFORMS
  ruby

DEPENDENCIES
  jekyll
  jekyll-compass
  jekyll-everypolitician
  jekyll-facebook_comments
  jekyll-google_analytics
  jekyll-remote_csv
  jekyll-search
  pry!
  puma
  rack-jekyll
  rest-client!
  sinatra!
  sinatra-jekyll!

RUBY VERSION
   ruby 2.3.0p0

BUNDLED WITH
   1.12.4
